

GROUP Build
NUGET
  remote: https://www.nuget.org/api/v2
  specs:
    Antlr (3.5.0.2)
    AppForSharePointOnlineWebToolkit (3.1.4)
      Microsoft.SharePointOnline.CSOM (>= 16.1.3912.1204)
    bootstrap (3.3.6)
      jQuery (>= 1.9.1 < 3.0)
    FSharp.Core (4.0.0.1)
    jQuery (2.2.3)
    jQuery.Validation (1.15)
      jQuery (>= 1.4.4)
    Microsoft.AspNet.Mvc (5.2.3)
      Microsoft.AspNet.Razor (>= 3.2.3 < 3.3)
      Microsoft.AspNet.WebPages (>= 3.2.3 < 3.3)
    Microsoft.AspNet.Razor (3.2.3)
    Microsoft.AspNet.Web.Optimization (1.1.3)
      Microsoft.Web.Infrastructure (>= 1.0)
      WebGrease (>= 1.5.2)
    Microsoft.AspNet.WebPages (3.2.3)
      Microsoft.AspNet.Razor (>= 3.2.3 < 3.3)
      Microsoft.Web.Infrastructure (>= 1.0)
    Microsoft.CodeDom.Providers.DotNetCompilerPlatform (1.0.1)
      Microsoft.Net.Compilers (>= 1.0)
    Microsoft.jQuery.Unobtrusive.Validation (3.2.3)
      jQuery (>= 1.8)
      jQuery.Validation (>= 1.8.0.1)
    Microsoft.Net.Compilers (1.2.2)
    Microsoft.SharePointOnline.CSOM (16.1.5326.1200)
    Microsoft.Web.Infrastructure (1.0)
    Modernizr (2.8.3)
    Newtonsoft.Json (8.0.3)
    Respond (1.4.2)
    WebGrease (1.6)
      Antlr (>= 3.4.1.9004)
      Newtonsoft.Json (>= 5.0.4)
    WebSharper (3.6.14.237)
    WebSharper.AspNetMvc (3.6.9.47)
      Microsoft.AspNet.Mvc (>= 4.0 < 6.0)
      WebSharper (>= 3.6.12.235)
